GEM
  remote: https://rubygems.org/
  specs:
    bcrypt (3.1.9)
    bcrypt (3.1.9-x86-mingw32)
    beefcake (1.0.0)
    cert_validator (0.0.1)
    haml (4.0.5)
      tilt
    i18n (0.6.11)
    innertube (1.0.2)
    multi_json (1.10.1)
    rack (1.5.2)
    rack-protection (1.5.3)
      rack
    riak-client (2.1.0)
      beefcake (~> 1.0)
      cert_validator (~> 0.0.1)
      i18n (>= 0.4.0)
      innertube (~> 1.0.2)
      multi_json (~> 1.0)
    sinatra (1.4.5)
      rack (~> 1.4)
      rack-protection (~> 1.4)
      tilt (~> 1.3, >= 1.3.4)
    sinatra-partial (0.4.0)
      sinatra
    tilt (1.4.1)

PLATFORMS
  ruby
  x86-mingw32

DEPENDENCIES
  bcrypt
  bundler
  haml
  rack
  riak-client
  sinatra
  sinatra-partial
